PATH
  remote: .
  specs:
    faraday_middleware_fast_jsonparser (1.0.0)
      faraday
      faraday_middleware
      fast_jsonparser (>= 0.5)

GEM
  remote: https://rubygems.org/
  specs:
    diff-lcs (1.4.4)
    faraday (1.1.0)
      multipart-post (>= 1.2, < 3)
      ruby2_keywords
    faraday_middleware (1.0.0)
      faraday (~> 1.0)
    fast_jsonparser (0.5.0)
    multipart-post (2.1.1)
    rake (13.0.1)
    rspec (3.10.0)
      rspec-core (~> 3.10.0)
      rspec-expectations (~> 3.10.0)
      rspec-mocks (~> 3.10.0)
    rspec-core (3.10.0)
      rspec-support (~> 3.10.0)
    rspec-expectations (3.10.0)
      diff-lcs (>= 1.2.0, < 2.0)
      rspec-support (~> 3.10.0)
    rspec-mocks (3.10.0)
      diff-lcs (>= 1.2.0, < 2.0)
      rspec-support (~> 3.10.0)
    rspec-support (3.10.0)
    ruby2_keywords (0.0.2)

PLATFORMS
  ruby

DEPENDENCIES
  faraday_middleware_fast_jsonparser!
  rake
  rspec

BUNDLED WITH
   2.1.4
